GEM
  remote: http://rubygems.org/
  specs:
    addressable (2.2.4)
    curb (0.7.15)
    diff-lcs (1.1.2)
    ffi (1.0.9)
    rdf (0.3.3)
      addressable (= 2.2.4)
    rdf-raptor (0.4.1)
      ffi (>= 1.0)
      rdf (~> 0.3.0)
    rdf-spec (0.3.2)
      rspec (>= 2.1)
    rspec (2.6.0)
      rspec-core (~> 2.6.0)
      rspec-expectations (~> 2.6.0)
      rspec-mocks (~> 2.6.0)
    rspec-core (2.6.3)
    rspec-expectations (2.6.0)
      diff-lcs (~> 1.1.2)
    rspec-mocks (2.6.0)
    yard (0.7.1)

PLATFORMS
  ruby

DEPENDENCIES
  curb (>= 0.7.15)
  rdf (>= 0.3.0)
  rdf-raptor (>= 0.3.0)
  rdf-spec (>= 0.3.0)
  rspec (>= 2.6)
  yard (>= 0.7.0)
